REDIRECTS: FORCE
RESTRICTION: || (== net461) (== net5.0-windows7.0) (== netstandard2.0)
NUGET
  remote: http://www.nuget.org/api/v2
    FSharp.Core (4.7)
    Microsoft.NETCore.Platforms (5.0.2) - restriction: || (== net461) (&& (== net5.0-windows7.0) (>= net461)) (&& (== netstandard2.0) (>= net461))
    Microsoft.Win32.SystemEvents (6.0) - restriction: || (&& (== net461) (>= netcoreapp3.1)) (== net5.0-windows7.0) (&& (== netstandard2.0) (>= netcoreapp3.1))
    NETStandard.Library (2.0.3) - restriction: || (== net461) (&& (== net5.0-windows7.0) (>= net461)) (&& (== netstandard2.0) (>= net461))
      Microsoft.NETCore.Platforms (>= 1.1)
    NETStandard.Library.NETFramework (2.0.0-preview2-25405-01)
      Microsoft.NETCore.Platforms (>= 2.0.0-preview2-25405-01) - restriction: || (== net461) (&& (== net5.0-windows7.0) (>= net461)) (&& (== netstandard2.0) (>= net461))
      NETStandard.Library (>= 2.0.0-preview2-25401-01) - restriction: || (== net461) (&& (== net5.0-windows7.0) (>= net461)) (&& (== netstandard2.0) (>= net461))
    System.Buffers (4.5.1) - restriction: || (&& (== net461) (== net5.0-windows7.0)) (&& (== net461) (>= net6.0)) (&& (== net5.0-windows7.0) (>= monotouch)) (&& (== net5.0-windows7.0) (>= net461)) (&& (== net5.0-windows7.0) (< netcoreapp2.0)) (&& (== net5.0-windows7.0) (< netstandard1.1)) (&& (== net5.0-windows7.0) (< netstandard2.0)) (&& (== net5.0-windows7.0) (>= xamarinios)) (&& (== net5.0-windows7.0) (>= xamarinmac)) (&& (== net5.0-windows7.0) (>= xamarintvos)) (&& (== net5.0-windows7.0) (>= xamarinwatchos)) (== netstandard2.0)
    System.Configuration.ConfigurationManager (6.0)
      System.Security.Cryptography.ProtectedData (>= 6.0) - restriction: || (&& (== net461) (>= net6.0)) (== net5.0-windows7.0) (== netstandard2.0)
      System.Security.Permissions (>= 6.0)
    System.Drawing.Common (6.0) - restriction: || (&& (== net461) (>= netcoreapp3.1)) (== net5.0-windows7.0) (&& (== netstandard2.0) (>= netcoreapp3.1))
      Microsoft.Win32.SystemEvents (>= 6.0) - restriction: || (&& (== net461) (>= netcoreapp3.1)) (== net5.0-windows7.0) (&& (== netstandard2.0) (>= netcoreapp3.1))
    System.Memory (4.5.4) - restriction: || (&& (== net461) (>= net6.0)) (== net5.0-windows7.0) (== netstandard2.0)
      System.Buffers (>= 4.5.1) - restriction: || (== net461) (&& (== net5.0-windows7.0) (>= monotouch)) (&& (== net5.0-windows7.0) (>= net461)) (&& (== net5.0-windows7.0) (< netcoreapp2.0)) (&& (== net5.0-windows7.0) (< netstandard1.1)) (&& (== net5.0-windows7.0) (< netstandard2.0)) (&& (== net5.0-windows7.0) (>= xamarinios)) (&& (== net5.0-windows7.0) (>= xamarinmac)) (&& (== net5.0-windows7.0) (>= xamarintvos)) (&& (== net5.0-windows7.0) (>= xamarinwatchos)) (== netstandard2.0)
      System.Numerics.Vectors (>= 4.4) - restriction: || (&& (== net461) (< net45) (>= netstandard2.0)) (&& (== net5.0-windows7.0) (< netcoreapp2.0)) (== netstandard2.0)
      System.Runtime.CompilerServices.Unsafe (>= 4.5.3) - restriction: || (== net461) (&& (== net5.0-windows7.0) (>= monotouch)) (&& (== net5.0-windows7.0) (>= net461)) (&& (== net5.0-windows7.0) (< netcoreapp2.0)) (&& (== net5.0-windows7.0) (< netcoreapp2.1)) (&& (== net5.0-windows7.0) (< netstandard1.1)) (&& (== net5.0-windows7.0) (< netstandard2.0)) (&& (== net5.0-windows7.0) (>= uap10.1)) (&& (== net5.0-windows7.0) (>= xamarinios)) (&& (== net5.0-windows7.0) (>= xamarinmac)) (&& (== net5.0-windows7.0) (>= xamarintvos)) (&& (== net5.0-windows7.0) (>= xamarinwatchos)) (== netstandard2.0)
    System.Numerics.Vectors (4.5) - restriction: || (&& (== net461) (== net5.0-windows7.0)) (&& (== net461) (>= net6.0)) (&& (== net5.0-windows7.0) (< netcoreapp2.0)) (== netstandard2.0)
    System.Runtime.CompilerServices.Unsafe (5.0) - restriction: || (&& (== net461) (== net5.0-windows7.0)) (&& (== net461) (>= net6.0)) (&& (== net5.0-windows7.0) (>= monotouch)) (&& (== net5.0-windows7.0) (>= net461)) (&& (== net5.0-windows7.0) (< netcoreapp2.0)) (&& (== net5.0-windows7.0) (< netcoreapp2.1)) (&& (== net5.0-windows7.0) (< netstandard1.1)) (&& (== net5.0-windows7.0) (< netstandard2.0)) (&& (== net5.0-windows7.0) (>= uap10.1)) (&& (== net5.0-windows7.0) (>= xamarinios)) (&& (== net5.0-windows7.0) (>= xamarinmac)) (&& (== net5.0-windows7.0) (>= xamarintvos)) (&& (== net5.0-windows7.0) (>= xamarinwatchos)) (== netstandard2.0)
    System.Security.AccessControl (6.0)
      System.Security.Principal.Windows (>= 5.0)
    System.Security.Cryptography.ProtectedData (6.0) - restriction: || (&& (== net461) (>= net6.0)) (== net5.0-windows7.0) (== netstandard2.0)
      System.Memory (>= 4.5.4) - restriction: || (== net5.0-windows7.0) (== netstandard2.0)
    System.Security.Permissions (6.0)
      System.Security.AccessControl (>= 6.0)
      System.Windows.Extensions (>= 6.0) - restriction: || (&& (== net461) (>= netcoreapp3.1)) (== net5.0-windows7.0) (&& (== netstandard2.0) (>= netcoreapp3.1))
    System.Security.Principal.Windows (5.0)
    System.Windows.Extensions (6.0) - restriction: || (&& (== net461) (>= netcoreapp3.1)) (== net5.0-windows7.0) (&& (== netstandard2.0) (>= netcoreapp3.1))
      System.Drawing.Common (>= 6.0) - restriction: || (&& (== net461) (>= netcoreapp3.1)) (== net5.0-windows7.0) (&& (== netstandard2.0) (>= netcoreapp3.1))
    YamlDotNet (11.2.1)
GITHUB
  remote: fsprojects/FSharp.TypeProviders.SDK
    src/ProvidedTypes.fs (605be1f21a9f173e20b826b862eea0705212ecfe)
    src/ProvidedTypes.fsi (605be1f21a9f173e20b826b862eea0705212ecfe)
    tests/ProvidedTypesTesting.fs (605be1f21a9f173e20b826b862eea0705212ecfe)
GROUP Test
REDIRECTS: FORCE
RESTRICTION: || (== net461) (== net5.0)
NUGET
  remote: https://www.nuget.org/api/v2
    Expecto (9.0.2)
      FSharp.Core (>= 4.6)
      Mono.Cecil (>= 0.11.2)
    FSharp.Core (5.0.2) - redirects: force
    Mono.Cecil (0.11.4)
    System.Buffers (4.5.1) - restriction: || (== net461) (&& (== net5.0) (>= monotouch)) (&& (== net5.0) (>= net461)) (&& (== net5.0) (< netcoreapp2.0)) (&& (== net5.0) (< netcoreapp2.1) (>= xamarinios)) (&& (== net5.0) (< netcoreapp2.1) (>= xamarinmac)) (&& (== net5.0) (< netcoreapp2.1) (>= xamarintvos)) (&& (== net5.0) (< netcoreapp2.1) (>= xamarinwatchos)) (&& (== net5.0) (< netstandard1.1)) (&& (== net5.0) (< netstandard2.0))
    System.Memory (4.5.4) - restriction: || (== net461) (&& (== net5.0) (>= net461)) (&& (== net5.0) (< netcoreapp2.1))
      System.Buffers (>= 4.5.1) - restriction: || (== net461) (&& (== net5.0) (>= monotouch)) (&& (== net5.0) (>= net461)) (&& (== net5.0) (< netcoreapp2.0)) (&& (== net5.0) (< netstandard1.1)) (&& (== net5.0) (< netstandard2.0)) (&& (== net5.0) (>= xamarinios)) (&& (== net5.0) (>= xamarinmac)) (&& (== net5.0) (>= xamarintvos)) (&& (== net5.0) (>= xamarinwatchos))
      System.Numerics.Vectors (>= 4.5) - restriction: || (== net461) (&& (== net5.0) (>= net461))
      System.Runtime.CompilerServices.Unsafe (>= 4.5.3) - restriction: || (== net461) (&& (== net5.0) (>= monotouch)) (&& (== net5.0) (>= net461)) (&& (== net5.0) (< netcoreapp2.0)) (&& (== net5.0) (< netcoreapp2.1)) (&& (== net5.0) (< netstandard1.1)) (&& (== net5.0) (< netstandard2.0)) (&& (== net5.0) (>= uap10.1)) (&& (== net5.0) (>= xamarinios)) (&& (== net5.0) (>= xamarinmac)) (&& (== net5.0) (>= xamarintvos)) (&& (== net5.0) (>= xamarinwatchos))
    System.Numerics.Vectors (4.5) - restriction: || (== net461) (&& (== net5.0) (>= net461))
    System.Resources.Extensions (5.0)
      System.Memory (>= 4.5.4) - restriction: || (== net461) (&& (== net5.0) (>= net461)) (&& (== net5.0) (< netcoreapp2.1))
    System.Runtime.CompilerServices.Unsafe (5.0) - restriction: || (== net461) (&& (== net5.0) (>= monotouch)) (&& (== net5.0) (>= net461)) (&& (== net5.0) (< netcoreapp2.0)) (&& (== net5.0) (< netcoreapp2.1)) (&& (== net5.0) (< netstandard1.1)) (&& (== net5.0) (< netstandard2.0)) (&& (== net5.0) (>= uap10.1))
