

GROUP Build
RESTRICTION: || (== net45) (== netstandard2.0)
NUGET
  remote: https://www.nuget.org/api/v2
    FAKE (4.64.12)
    FSharp.Compiler.Service (2.0.0.6)
    FSharp.Core (4.2.3)
      System.Collections (>= 4.0.11) - restriction: == netstandard2.0
      System.Console (>= 4.0) - restriction: == netstandard2.0
      System.Diagnostics.Debug (>= 4.0.11) - restriction: == netstandard2.0
      System.Diagnostics.Tools (>= 4.0.1) - restriction: == netstandard2.0
      System.Globalization (>= 4.0.11) - restriction: == netstandard2.0
      System.IO (>= 4.1) - restriction: == netstandard2.0
      System.Linq (>= 4.1) - restriction: == netstandard2.0
      System.Linq.Expressions (>= 4.1) - restriction: == netstandard2.0
      System.Linq.Queryable (>= 4.0.1) - restriction: == netstandard2.0
      System.Net.Requests (>= 4.0.11) - restriction: == netstandard2.0
      System.Reflection (>= 4.1) - restriction: == netstandard2.0
      System.Reflection.Extensions (>= 4.0.1) - restriction: == netstandard2.0
      System.Resources.ResourceManager (>= 4.0.1) - restriction: == netstandard2.0
      System.Runtime (>= 4.1) - restriction: == netstandard2.0
      System.Runtime.Extensions (>= 4.1) - restriction: == netstandard2.0
      System.Runtime.Numerics (>= 4.0.1) - restriction: == netstandard2.0
      System.Text.RegularExpressions (>= 4.1) - restriction: == netstandard2.0
      System.Threading (>= 4.0.11) - restriction: == netstandard2.0
      System.Threading.Tasks (>= 4.0.11) - restriction: == netstandard2.0
      System.Threading.Tasks.Parallel (>= 4.0.1) - restriction: == netstandard2.0
      System.Threading.Thread (>= 4.0) - restriction: == netstandard2.0
      System.Threading.ThreadPool (>= 4.0.10) - restriction: == netstandard2.0
      System.Threading.Timer (>= 4.0.1) - restriction: == netstandard2.0
    FSharp.Formatting (2.14.4)
      FSharp.Compiler.Service (2.0.0.6)
      FSharpVSPowerTools.Core (>= 2.3 < 2.4)
    FSharpVSPowerTools.Core (2.3)
      FSharp.Compiler.Service (>= 2.0.0.3)
    Microsoft.NETCore.Platforms (2.0) - restriction: == netstandard2.0
    Microsoft.NETCore.Targets (2.0) - restriction: == netstandard2.0
    NETStandard.Library (2.0.1) - restriction: || (&& (== net45) (< net35) (>= netstandard1.6)) (== netstandard2.0)
      Microsoft.NETCore.Platforms (>= 1.1)
    NETStandard.Library.NETFramework (2.0.0-preview2-25405-01)
    NuGet.CommandLine (4.3)
    Octokit (0.27)
      NETStandard.Library (>= 1.6.1) - restriction: == netstandard2.0
    runtime.debian.8-x64.runtime.native.System.Security.Cryptography.OpenSsl (4.3.2) - restriction: == netstandard2.0
    runtime.fedora.23-x64.runtime.native.System.Security.Cryptography.OpenSsl (4.3.2) - restriction: == netstandard2.0
    runtime.fedora.24-x64.runtime.native.System.Security.Cryptography.OpenSsl (4.3.2) - restriction: == netstandard2.0
    runtime.native.System (4.3) - restriction: == netstandard2.0
      Microsoft.NETCore.Platforms (>= 1.1)
      Microsoft.NETCore.Targets (>= 1.1)
    runtime.native.System.Net.Http (4.3) - restriction: == netstandard2.0
      Microsoft.NETCore.Platforms (>= 1.1)
      Microsoft.NETCore.Targets (>= 1.1)
    runtime.native.System.Security.Cryptography.Apple (4.3.1) - restriction: == netstandard2.0
      runtime.osx.10.10-x64.runtime.native.System.Security.Cryptography.Apple (>= 4.3.1)
    runtime.native.System.Security.Cryptography.OpenSsl (4.3.2) - restriction: == netstandard2.0
      runtime.debian.8-x64.runtime.native.System.Security.Cryptography.OpenSsl (>= 4.3.2)
      runtime.fedora.23-x64.runtime.native.System.Security.Cryptography.OpenSsl (>= 4.3.2)
      runtime.fedora.24-x64.runtime.native.System.Security.Cryptography.OpenSsl (>= 4.3.2)
      runtime.opensuse.13.2-x64.runtime.native.System.Security.Cryptography.OpenSsl (>= 4.3.2)
      runtime.opensuse.42.1-x64.runtime.native.System.Security.Cryptography.OpenSsl (>= 4.3.2)
      runtime.osx.10.10-x64.runtime.native.System.Security.Cryptography.OpenSsl (>= 4.3.2)
      runtime.rhel.7-x64.runtime.native.System.Security.Cryptography.OpenSsl (>= 4.3.2)
      runtime.ubuntu.14.04-x64.runtime.native.System.Security.Cryptography.OpenSsl (>= 4.3.2)
      runtime.ubuntu.16.04-x64.runtime.native.System.Security.Cryptography.OpenSsl (>= 4.3.2)
      runtime.ubuntu.16.10-x64.runtime.native.System.Security.Cryptography.OpenSsl (>= 4.3.2)
    runtime.opensuse.13.2-x64.runtime.native.System.Security.Cryptography.OpenSsl (4.3.2) - restriction: == netstandard2.0
    runtime.opensuse.42.1-x64.runtime.native.System.Security.Cryptography.OpenSsl (4.3.2) - restriction: == netstandard2.0
    runtime.osx.10.10-x64.runtime.native.System.Security.Cryptography.Apple (4.3.1) - restriction: == netstandard2.0
    runtime.osx.10.10-x64.runtime.native.System.Security.Cryptography.OpenSsl (4.3.2) - restriction: == netstandard2.0
    runtime.rhel.7-x64.runtime.native.System.Security.Cryptography.OpenSsl (4.3.2) - restriction: == netstandard2.0
    runtime.ubuntu.14.04-x64.runtime.native.System.Security.Cryptography.OpenSsl (4.3.2) - restriction: == netstandard2.0
    runtime.ubuntu.16.04-x64.runtime.native.System.Security.Cryptography.OpenSsl (4.3.2) - restriction: == netstandard2.0
    runtime.ubuntu.16.10-x64.runtime.native.System.Security.Cryptography.OpenSsl (4.3.2) - restriction: == netstandard2.0
    SharpYaml (1.6.1)
      NETStandard.Library (>= 1.6.1) - restriction: || (&& (== net45) (< net35) (>= netstandard1.6)) (== netstandard2.0)
      System.Reflection.TypeExtensions (>= 4.3) - restriction: || (&& (== net45) (< net35) (>= netstandard1.6)) (== netstandard2.0)
    SourceLink.Fake (1.1)
    System.Collections (4.3) - restriction: == netstandard2.0
      Microsoft.NETCore.Platforms (>= 1.1) - restriction: || (&& (== net45) (< portable-net45+win8+wp8+wpa81)) (== netstandard2.0)
      Microsoft.NETCore.Targets (>= 1.1) - restriction: || (&& (== net45) (< portable-net45+win8+wp8+wpa81)) (== netstandard2.0)
      System.Runtime (>= 4.3) - restriction: || (&& (== net45) (< portable-net45+win8+wp8+wpa81)) (== netstandard2.0)
    System.Collections.Concurrent (4.3) - restriction: == netstandard2.0
      System.Collections (>= 4.3) - restriction: || (&& (== net45) (< portable-net45+win8+wpa81)) (== netstandard2.0)
      System.Diagnostics.Debug (>= 4.3) - restriction: || (&& (== net45) (< portable-net45+win8+wpa81)) (== netstandard2.0)
      System.Diagnostics.Tracing (>= 4.3) - restriction: || (&& (== net45) (< portable-net45+win8+wpa81)) (== netstandard2.0)
      System.Globalization (>= 4.3) - restriction: || (&& (== net45) (< portable-net45+win8+wpa81)) (== netstandard2.0)
      System.Reflection (>= 4.3) - restriction: == netstandard2.0
      System.Resources.ResourceManager (>= 4.3) - restriction: || (&& (== net45) (< portable-net45+win8+wpa81)) (== netstandard2.0)
      System.Runtime (>= 4.3) - restriction: || (&& (== net45) (< portable-net45+win8+wpa81)) (== netstandard2.0)
      System.Runtime.Extensions (>= 4.3) - restriction: || (&& (== net45) (< portable-net45+win8+wpa81)) (== netstandard2.0)
      System.Threading (>= 4.3) - restriction: || (&& (== net45) (< portable-net45+win8+wpa81)) (== netstandard2.0)
      System.Threading.Tasks (>= 4.3) - restriction: || (&& (== net45) (< portable-net45+win8+wpa81)) (== netstandard2.0)
    System.Console (4.3) - restriction: == netstandard2.0
      Microsoft.NETCore.Platforms (>= 1.1) - restriction: || (&& (== net45) (>= netstandard1.3)) (== netstandard2.0)
      Microsoft.NETCore.Targets (>= 1.1) - restriction: || (&& (== net45) (>= netstandard1.3)) (== netstandard2.0)
      System.IO (>= 4.3) - restriction: || (&& (== net45) (>= netstandard1.3)) (== netstandard2.0)
      System.Runtime (>= 4.3) - restriction: || (&& (== net45) (>= netstandard1.3)) (== netstandard2.0)
      System.Text.Encoding (>= 4.3) - restriction: || (&& (== net45) (>= netstandard1.3)) (== netstandard2.0)
    System.Diagnostics.Debug (4.3) - restriction: == netstandard2.0
      Microsoft.NETCore.Platforms (>= 1.1) - restriction: || (&& (== net45) (< portable-net45+win8+wp8+wpa81)) (== netstandard2.0)
      Microsoft.NETCore.Targets (>= 1.1) - restriction: || (&& (== net45) (< portable-net45+win8+wp8+wpa81)) (== netstandard2.0)
      System.Runtime (>= 4.3) - restriction: || (&& (== net45) (< portable-net45+win8+wp8+wpa81)) (== netstandard2.0)
    System.Diagnostics.DiagnosticSource (4.4.1) - restriction: == netstandard2.0
      System.Collections (>= 4.3) - restriction: == netstandard2.0
      System.Diagnostics.Debug (>= 4.3) - restriction: == netstandard2.0
      System.Diagnostics.Tracing (>= 4.3) - restriction: == netstandard2.0
      System.Reflection (>= 4.3) - restriction: == netstandard2.0
      System.Runtime (>= 4.3) - restriction: == netstandard2.0
      System.Runtime.Extensions (>= 4.3) - restriction: == netstandard2.0
      System.Threading (>= 4.3) - restriction: == netstandard2.0
    System.Diagnostics.Tools (4.3) - restriction: == netstandard2.0
      Microsoft.NETCore.Platforms (>= 1.1) - restriction: || (&& (== net45) (< portable-net45+win8+wp8+wpa81)) (== netstandard2.0)
      Microsoft.NETCore.Targets (>= 1.1) - restriction: || (&& (== net45) (< portable-net45+win8+wp8+wpa81)) (== netstandard2.0)
      System.Runtime (>= 4.3) - restriction: || (&& (== net45) (< portable-net45+win8+wp8+wpa81)) (== netstandard2.0)
    System.Diagnostics.Tracing (4.3) - restriction: == netstandard2.0
      Microsoft.NETCore.Platforms (>= 1.1) - restriction: || (&& (== net45) (< portable-net45+win8+wpa81)) (== netstandard2.0)
      Microsoft.NETCore.Targets (>= 1.1) - restriction: || (&& (== net45) (< portable-net45+win8+wpa81)) (== netstandard2.0)
      System.Runtime (>= 4.3) - restriction: || (&& (== net45) (< portable-net45+win8+wpa81)) (== netstandard2.0)
    System.Globalization (4.3) - restriction: == netstandard2.0
      Microsoft.NETCore.Platforms (>= 1.1) - restriction: || (&& (== net45) (< portable-net45+win8+wp8+wpa81)) (== netstandard2.0)
      Microsoft.NETCore.Targets (>= 1.1) - restriction: || (&& (== net45) (< portable-net45+win8+wp8+wpa81)) (== netstandard2.0)
      System.Runtime (>= 4.3) - restriction: || (&& (== net45) (< portable-net45+win8+wp8+wpa81)) (== netstandard2.0)
    System.Globalization.Calendars (4.3) - restriction: == netstandard2.0
      Microsoft.NETCore.Platforms (>= 1.1) - restriction: || (&& (== net45) (>= netstandard1.3)) (== netstandard2.0)
      Microsoft.NETCore.Targets (>= 1.1) - restriction: || (&& (== net45) (>= netstandard1.3)) (== netstandard2.0)
      System.Globalization (>= 4.3) - restriction: || (&& (== net45) (>= netstandard1.3)) (== netstandard2.0)
      System.Runtime (>= 4.3) - restriction: || (&& (== net45) (>= netstandard1.3)) (== netstandard2.0)
    System.Globalization.Extensions (4.3) - restriction: == netstandard2.0
      Microsoft.NETCore.Platforms (>= 1.1) - restriction: || (&& (== net45) (>= netstandard1.3)) (== netstandard2.0)
      System.Globalization (>= 4.3) - restriction: || (&& (== net45) (>= netstandard1.3)) (== netstandard2.0)
      System.Resources.ResourceManager (>= 4.3) - restriction: || (&& (== net45) (>= netstandard1.3)) (== netstandard2.0)
      System.Runtime (>= 4.3) - restriction: || (&& (== net45) (>= netstandard1.3)) (== netstandard2.0)
      System.Runtime.Extensions (>= 4.3) - restriction: || (&& (== net45) (>= netstandard1.3)) (== netstandard2.0)
      System.Runtime.InteropServices (>= 4.3) - restriction: || (&& (== net45) (>= netstandard1.3)) (== netstandard2.0)
    System.IO (4.3) - restriction: == netstandard2.0
      Microsoft.NETCore.Platforms (>= 1.1) - restriction: || (&& (== net45) (< portable-net45+win8+wp8+wpa81)) (== netstandard2.0)
      Microsoft.NETCore.Targets (>= 1.1) - restriction: || (&& (== net45) (< portable-net45+win8+wp8+wpa81)) (== netstandard2.0)
      System.Runtime (>= 4.3) - restriction: || (&& (== net45) (< portable-net45+win8+wp8+wpa81)) (== netstandard2.0)
      System.Text.Encoding (>= 4.3) - restriction: || (&& (== net45) (< portable-net45+win8+wp8+wpa81)) (== netstandard2.0)
      System.Threading.Tasks (>= 4.3) - restriction: || (&& (== net45) (< portable-net45+win8+wp8+wpa81)) (== netstandard2.0)
    System.IO.FileSystem (4.3) - restriction: == netstandard2.0
      Microsoft.NETCore.Platforms (>= 1.1) - restriction: || (&& (== net45) (>= netstandard1.3)) (== netstandard2.0)
      Microsoft.NETCore.Targets (>= 1.1) - restriction: || (&& (== net45) (>= netstandard1.3)) (== netstandard2.0)
      System.IO (>= 4.3) - restriction: || (&& (== net45) (>= netstandard1.3)) (== netstandard2.0)
      System.IO.FileSystem.Primitives (>= 4.3) - restriction: || (&& (== net45) (>= net46)) (&& (== net45) (>= netstandard1.3)) (== netstandard2.0)
      System.Runtime (>= 4.3) - restriction: || (&& (== net45) (>= netstandard1.3)) (== netstandard2.0)
      System.Runtime.Handles (>= 4.3) - restriction: || (&& (== net45) (>= netstandard1.3)) (== netstandard2.0)
      System.Text.Encoding (>= 4.3) - restriction: || (&& (== net45) (>= netstandard1.3)) (== netstandard2.0)
      System.Threading.Tasks (>= 4.3) - restriction: || (&& (== net45) (>= netstandard1.3)) (== netstandard2.0)
    System.IO.FileSystem.Primitives (4.3) - restriction: == netstandard2.0
      System.Runtime (>= 4.3) - restriction: || (&& (== net45) (>= netstandard1.3)) (== netstandard2.0)
    System.Linq (4.3) - restriction: == netstandard2.0
      System.Collections (>= 4.3) - restriction: || (&& (== net45) (< portable-net45+win8+wp8+wpa81)) (== netstandard2.0)
      System.Diagnostics.Debug (>= 4.3) - restriction: || (&& (== net45) (< portable-net45+win8+wp8+wpa81)) (== netstandard2.0)
      System.Resources.ResourceManager (>= 4.3) - restriction: || (&& (== net45) (< portable-net45+win8+wp8+wpa81)) (== netstandard2.0)
      System.Runtime (>= 4.3) - restriction: || (&& (== net45) (< portable-net45+win8+wp8+wpa81)) (== netstandard2.0)
      System.Runtime.Extensions (>= 4.3) - restriction: || (&& (== net45) (< portable-net45+win8+wp8+wpa81)) (== netstandard2.0)
    System.Linq.Expressions (4.3) - restriction: == netstandard2.0
      System.Collections (>= 4.3) - restriction: || (&& (== net45) (< portable-net45+win8+wp8+wpa81)) (== netstandard2.0)
      System.Diagnostics.Debug (>= 4.3) - restriction: || (&& (== net45) (< portable-net45+win8+wp8+wpa81)) (== netstandard2.0)
      System.Globalization (>= 4.3) - restriction: || (&& (== net45) (< portable-net45+win8+wp8+wpa81)) (== netstandard2.0)
      System.IO (>= 4.3) - restriction: || (&& (== net45) (< portable-net45+win8+wp8+wpa81)) (== netstandard2.0)
      System.Linq (>= 4.3) - restriction: || (&& (== net45) (< portable-net45+win8+wp8+wpa81)) (== netstandard2.0)
      System.ObjectModel (>= 4.3) - restriction: == netstandard2.0
      System.Reflection (>= 4.3) - restriction: || (&& (== net45) (< portable-net45+win8+wp8+wpa81)) (== netstandard2.0)
      System.Reflection.Emit (>= 4.3) - restriction: == netstandard2.0
      System.Reflection.Emit.ILGeneration (>= 4.3) - restriction: || (&& (== net45) (< portable-net45+win8+wp8+wpa81)) (== netstandard2.0)
      System.Reflection.Emit.Lightweight (>= 4.3) - restriction: || (&& (== net45) (< portable-net45+win8+wp8+wpa81)) (== netstandard2.0)
      System.Reflection.Extensions (>= 4.3) - restriction: || (&& (== net45) (< portable-net45+win8+wp8+wpa81)) (== netstandard2.0)
      System.Reflection.Primitives (>= 4.3) - restriction: || (&& (== net45) (< portable-net45+win8+wp8+wpa81)) (== netstandard2.0)
      System.Reflection.TypeExtensions (>= 4.3) - restriction: || (&& (== net45) (< portable-net45+win8+wp8+wpa81)) (== netstandard2.0)
      System.Resources.ResourceManager (>= 4.3) - restriction: || (&& (== net45) (< portable-net45+win8+wp8+wpa81)) (== netstandard2.0)
      System.Runtime (>= 4.3) - restriction: || (&& (== net45) (< portable-net45+win8+wp8+wpa81)) (== netstandard2.0)
      System.Runtime.Extensions (>= 4.3) - restriction: || (&& (== net45) (< portable-net45+win8+wp8+wpa81)) (== netstandard2.0)
      System.Threading (>= 4.3) - restriction: || (&& (== net45) (< portable-net45+win8+wp8+wpa81)) (== netstandard2.0)
    System.Linq.Queryable (4.3) - restriction: == netstandard2.0
      System.Collections (>= 4.3) - restriction: || (&& (== net45) (< portable-net45+win8+wp8+wpa81)) (== netstandard2.0)
      System.Diagnostics.Debug (>= 4.3) - restriction: || (&& (== net45) (< portable-net45+win8+wp8+wpa81)) (== netstandard2.0)
      System.Linq (>= 4.3) - restriction: || (&& (== net45) (< portable-net45+win8+wp8+wpa81)) (== netstandard2.0)
      System.Linq.Expressions (>= 4.3) - restriction: || (&& (== net45) (< portable-net45+win8+wp8+wpa81)) (== netstandard2.0)
      System.Reflection (>= 4.3) - restriction: || (&& (== net45) (< portable-net45+win8+wp8+wpa81)) (== netstandard2.0)
      System.Reflection.Extensions (>= 4.3) - restriction: || (&& (== net45) (< portable-net45+win8+wp8+wpa81)) (== netstandard2.0)
      System.Resources.ResourceManager (>= 4.3) - restriction: || (&& (== net45) (< portable-net45+win8+wp8+wpa81)) (== netstandard2.0)
      System.Runtime (>= 4.3) - restriction: || (&& (== net45) (< portable-net45+win8+wp8+wpa81)) (== netstandard2.0)
    System.Net.Http (4.3.3) - restriction: == netstandard2.0
      Microsoft.NETCore.Platforms (>= 1.1) - restriction: || (&& (== net45) (< portable-net45+win8+wpa81)) (== netstandard2.0)
      runtime.native.System (>= 4.3) - restriction: == netstandard2.0
      runtime.native.System.Net.Http (>= 4.3) - restriction: == netstandard2.0
      runtime.native.System.Security.Cryptography.OpenSsl (>= 4.3.2) - restriction: == netstandard2.0
      System.Collections (>= 4.3) - restriction: || (&& (== net45) (< portable-net45+win8+wpa81)) (== netstandard2.0)
      System.Diagnostics.Debug (>= 4.3) - restriction: || (&& (== net45) (< portable-net45+win8+wpa81)) (== netstandard2.0)
      System.Diagnostics.DiagnosticSource (>= 4.3) - restriction: || (&& (== net45) (< portable-net45+win8+wpa81)) (== netstandard2.0)
      System.Diagnostics.Tracing (>= 4.3) - restriction: || (&& (== net45) (< portable-net45+win8+wpa81)) (== netstandard2.0)
      System.Globalization (>= 4.3) - restriction: || (&& (== net45) (< portable-net45+win8+wpa81)) (== netstandard2.0)
      System.Globalization.Extensions (>= 4.3) - restriction: == netstandard2.0
      System.IO (>= 4.3) - restriction: || (&& (== net45) (< portable-net45+win8+wpa81)) (== netstandard2.0)
      System.IO.FileSystem (>= 4.3) - restriction: == netstandard2.0
      System.Net.Primitives (>= 4.3) - restriction: || (&& (== net45) (< portable-net45+win8+wpa81)) (== netstandard2.0)
      System.Resources.ResourceManager (>= 4.3) - restriction: || (&& (== net45) (< portable-net45+win8+wpa81)) (== netstandard2.0)
      System.Runtime (>= 4.3) - restriction: || (&& (== net45) (< portable-net45+win8+wpa81)) (== netstandard2.0)
      System.Runtime.Extensions (>= 4.3) - restriction: || (&& (== net45) (< portable-net45+win8+wpa81)) (== netstandard2.0)
      System.Runtime.Handles (>= 4.3) - restriction: == netstandard2.0
      System.Runtime.InteropServices (>= 4.3) - restriction: || (&& (== net45) (< portable-net45+win8+wpa81)) (== netstandard2.0)
      System.Security.Cryptography.Algorithms (>= 4.3) - restriction: == netstandard2.0
      System.Security.Cryptography.Encoding (>= 4.3) - restriction: == netstandard2.0
      System.Security.Cryptography.OpenSsl (>= 4.3) - restriction: == netstandard2.0
      System.Security.Cryptography.Primitives (>= 4.3) - restriction: == netstandard2.0
      System.Security.Cryptography.X509Certificates (>= 4.3) - restriction: || (&& (== net45) (>= net46)) (&& (== net45) (< portable-net45+win8+wpa81)) (== netstandard2.0)
      System.Text.Encoding (>= 4.3) - restriction: || (&& (== net45) (< portable-net45+win8+wpa81)) (== netstandard2.0)
      System.Threading (>= 4.3) - restriction: || (&& (== net45) (< portable-net45+win8+wpa81)) (== netstandard2.0)
      System.Threading.Tasks (>= 4.3) - restriction: || (&& (== net45) (< portable-net45+win8+wpa81)) (== netstandard2.0)
    System.Net.Primitives (4.3) - restriction: == netstandard2.0
      Microsoft.NETCore.Platforms (>= 1.1) - restriction: || (&& (== net45) (< netstandard1.1)) (&& (== net45) (< portable-net45+win8+wp8+wpa81)) (== netstandard2.0)
      Microsoft.NETCore.Targets (>= 1.1) - restriction: || (&& (== net45) (< netstandard1.1)) (&& (== net45) (< portable-net45+win8+wp8+wpa81)) (== netstandard2.0)
      System.Runtime (>= 4.3) - restriction: || (&& (== net45) (< netstandard1.1)) (&& (== net45) (< portable-net45+win8+wp8+wpa81)) (== netstandard2.0)
      System.Runtime.Handles (>= 4.3) - restriction: || (&& (== net45) (< portable-net45+win8+wp8+wpa81)) (== netstandard2.0)
    System.Net.Requests (4.3) - restriction: == netstandard2.0
      Microsoft.NETCore.Platforms (>= 1.1) - restriction: == netstandard2.0
      System.Collections (>= 4.3) - restriction: || (&& (== net45) (< portable-net45+win8+wp8+wpa81)) (== netstandard2.0)
      System.Diagnostics.Debug (>= 4.3) - restriction: || (&& (== net45) (< portable-net45+win8+wp8+wpa81)) (== netstandard2.0)
      System.Diagnostics.Tracing (>= 4.3) - restriction: || (&& (== net45) (< portable-net45+win8+wp8+wpa81)) (== netstandard2.0)
      System.Globalization (>= 4.3) - restriction: || (&& (== net45) (< portable-net45+win8+wp8+wpa81)) (== netstandard2.0)
      System.IO (>= 4.3) - restriction: || (&& (== net45) (< netstandard1.1)) (&& (== net45) (< portable-net45+win8+wp8+wpa81)) (== netstandard2.0)
      System.Net.Http (>= 4.3) - restriction: || (&& (== net45) (< portable-net45+win8+wp8+wpa81)) (== netstandard2.0)
      System.Net.Primitives (>= 4.3) - restriction: || (&& (== net45) (< netstandard1.1)) (&& (== net45) (< portable-net45+win8+wp8+wpa81)) (== netstandard2.0)
      System.Net.WebHeaderCollection (>= 4.3) - restriction: || (&& (== net45) (< portable-net45+win8+wp8+wpa81)) (== netstandard2.0)
      System.Resources.ResourceManager (>= 4.3) - restriction: || (&& (== net45) (< portable-net45+win8+wp8+wpa81)) (== netstandard2.0)
      System.Runtime (>= 4.3) - restriction: || (&& (== net45) (< netstandard1.1)) (&& (== net45) (< portable-net45+win8+wp8+wpa81)) (== netstandard2.0)
      System.Threading (>= 4.3) - restriction: || (&& (== net45) (< portable-net45+win8+wp8+wpa81)) (== netstandard2.0)
      System.Threading.Tasks (>= 4.3) - restriction: || (&& (== net45) (< portable-net45+win8+wp8+wpa81)) (== netstandard2.0)
    System.Net.WebHeaderCollection (4.3) - restriction: == netstandard2.0
      System.Collections (>= 4.3) - restriction: || (&& (== net45) (>= netstandard1.3)) (== netstandard2.0)
      System.Resources.ResourceManager (>= 4.3) - restriction: || (&& (== net45) (>= netstandard1.3)) (== netstandard2.0)
      System.Runtime (>= 4.3) - restriction: || (&& (== net45) (>= netstandard1.3)) (== netstandard2.0)
      System.Runtime.Extensions (>= 4.3) - restriction: || (&& (== net45) (>= netstandard1.3)) (== netstandard2.0)
    System.ObjectModel (4.3) - restriction: == netstandard2.0
      System.Collections (>= 4.3) - restriction: || (&& (== net45) (< portable-net45+win8+wp8+wpa81)) (== netstandard2.0)
      System.Diagnostics.Debug (>= 4.3) - restriction: || (&& (== net45) (< portable-net45+win8+wp8+wpa81)) (== netstandard2.0)
      System.Resources.ResourceManager (>= 4.3) - restriction: || (&& (== net45) (< portable-net45+win8+wp8+wpa81)) (== netstandard2.0)
      System.Runtime (>= 4.3) - restriction: || (&& (== net45) (< portable-net45+win8+wp8+wpa81)) (== netstandard2.0)
      System.Threading (>= 4.3) - restriction: || (&& (== net45) (< portable-net45+win8+wp8+wpa81)) (== netstandard2.0)
    System.Reflection (4.3) - restriction: == netstandard2.0
      Microsoft.NETCore.Platforms (>= 1.1) - restriction: || (&& (== net45) (< portable-net45+win8+wp8+wpa81)) (== netstandard2.0)
      Microsoft.NETCore.Targets (>= 1.1) - restriction: || (&& (== net45) (< portable-net45+win8+wp8+wpa81)) (== netstandard2.0)
      System.IO (>= 4.3) - restriction: || (&& (== net45) (< portable-net45+win8+wp8+wpa81)) (== netstandard2.0)
      System.Reflection.Primitives (>= 4.3) - restriction: || (&& (== net45) (< portable-net45+win8+wp8+wpa81)) (== netstandard2.0)
      System.Runtime (>= 4.3) - restriction: || (&& (== net45) (< portable-net45+win8+wp8+wpa81)) (== netstandard2.0)
    System.Reflection.Emit (4.3) - restriction: == netstandard2.0
      System.IO (>= 4.3) - restriction: == netstandard2.0
      System.Reflection (>= 4.3) - restriction: == netstandard2.0
      System.Reflection.Emit.ILGeneration (>= 4.3) - restriction: == netstandard2.0
      System.Reflection.Primitives (>= 4.3) - restriction: == netstandard2.0
      System.Runtime (>= 4.3) - restriction: == netstandard2.0
    System.Reflection.Emit.ILGeneration (4.3) - restriction: == netstandard2.0
      System.Reflection (>= 4.3) - restriction: == netstandard2.0
      System.Reflection.Primitives (>= 4.3) - restriction: == netstandard2.0
      System.Runtime (>= 4.3) - restriction: == netstandard2.0
    System.Reflection.Emit.Lightweight (4.3) - restriction: == netstandard2.0
      System.Reflection (>= 4.3) - restriction: == netstandard2.0
      System.Reflection.Emit.ILGeneration (>= 4.3) - restriction: == netstandard2.0
      System.Reflection.Primitives (>= 4.3) - restriction: == netstandard2.0
      System.Runtime (>= 4.3) - restriction: == netstandard2.0
    System.Reflection.Extensions (4.3) - restriction: == netstandard2.0
      Microsoft.NETCore.Platforms (>= 1.1) - restriction: || (&& (== net45) (< portable-net45+win8+wp8+wpa81)) (== netstandard2.0)
      Microsoft.NETCore.Targets (>= 1.1) - restriction: || (&& (== net45) (< portable-net45+win8+wp8+wpa81)) (== netstandard2.0)
      System.Reflection (>= 4.3) - restriction: || (&& (== net45) (< portable-net45+win8+wp8+wpa81)) (== netstandard2.0)
      System.Runtime (>= 4.3) - restriction: || (&& (== net45) (< portable-net45+win8+wp8+wpa81)) (== netstandard2.0)
    System.Reflection.Primitives (4.3) - restriction: == netstandard2.0
      Microsoft.NETCore.Platforms (>= 1.1) - restriction: || (&& (== net45) (< portable-net45+win8+wp8+wpa81)) (== netstandard2.0)
      Microsoft.NETCore.Targets (>= 1.1) - restriction: || (&& (== net45) (< portable-net45+win8+wp8+wpa81)) (== netstandard2.0)
      System.Runtime (>= 4.3) - restriction: || (&& (== net45) (< portable-net45+win8+wp8+wpa81)) (== netstandard2.0)
    System.Reflection.TypeExtensions (4.4) - restriction: || (&& (== net45) (< net35) (>= netstandard1.6)) (== netstandard2.0)
    System.Resources.ResourceManager (4.3) - restriction: == netstandard2.0
      Microsoft.NETCore.Platforms (>= 1.1) - restriction: || (&& (== net45) (< portable-net45+win8+wp8+wpa81)) (== netstandard2.0)
      Microsoft.NETCore.Targets (>= 1.1) - restriction: || (&& (== net45) (< portable-net45+win8+wp8+wpa81)) (== netstandard2.0)
      System.Globalization (>= 4.3) - restriction: || (&& (== net45) (< portable-net45+win8+wp8+wpa81)) (== netstandard2.0)
      System.Reflection (>= 4.3) - restriction: || (&& (== net45) (< portable-net45+win8+wp8+wpa81)) (== netstandard2.0)
      System.Runtime (>= 4.3) - restriction: || (&& (== net45) (< portable-net45+win8+wp8+wpa81)) (== netstandard2.0)
    System.Runtime (4.3) - restriction: == netstandard2.0
      Microsoft.NETCore.Platforms (>= 1.1) - restriction: || (&& (== net45) (< portable-net45+win8+wp8+wpa81)) (== netstandard2.0)
      Microsoft.NETCore.Targets (>= 1.1) - restriction: || (&& (== net45) (< portable-net45+win8+wp8+wpa81)) (== netstandard2.0)
    System.Runtime.Extensions (4.3) - restriction: == netstandard2.0
      Microsoft.NETCore.Platforms (>= 1.1) - restriction: || (&& (== net45) (< portable-net45+win8+wp8+wpa81)) (== netstandard2.0)
      Microsoft.NETCore.Targets (>= 1.1) - restriction: || (&& (== net45) (< portable-net45+win8+wp8+wpa81)) (== netstandard2.0)
      System.Runtime (>= 4.3) - restriction: || (&& (== net45) (< portable-net45+win8+wp8+wpa81)) (== netstandard2.0)
    System.Runtime.Handles (4.3) - restriction: == netstandard2.0
      Microsoft.NETCore.Platforms (>= 1.1) - restriction: || (&& (== net45) (>= netstandard1.3)) (== netstandard2.0)
      Microsoft.NETCore.Targets (>= 1.1) - restriction: || (&& (== net45) (>= netstandard1.3)) (== netstandard2.0)
      System.Runtime (>= 4.3) - restriction: || (&& (== net45) (>= netstandard1.3)) (== netstandard2.0)
    System.Runtime.InteropServices (4.3) - restriction: == netstandard2.0
      Microsoft.NETCore.Platforms (>= 1.1) - restriction: || (&& (== net45) (>= netcoreapp1.1)) (&& (== net45) (< portable-net45+win8+wpa81)) (== netstandard2.0)
      Microsoft.NETCore.Targets (>= 1.1) - restriction: || (&& (== net45) (>= netcoreapp1.1)) (&& (== net45) (< portable-net45+win8+wpa81)) (== netstandard2.0)
      System.Reflection (>= 4.3) - restriction: || (&& (== net45) (>= netcoreapp1.1)) (&& (== net45) (< portable-net45+win8+wpa81)) (== netstandard2.0)
      System.Reflection.Primitives (>= 4.3) - restriction: || (&& (== net45) (>= netcoreapp1.1)) (&& (== net45) (< portable-net45+win8+wpa81)) (== netstandard2.0)
      System.Runtime (>= 4.3) - restriction: || (&& (== net45) (>= net462)) (&& (== net45) (>= netcoreapp1.1)) (&& (== net45) (< portable-net45+win8+wpa81)) (== netstandard2.0)
      System.Runtime.Handles (>= 4.3) - restriction: || (&& (== net45) (>= netcoreapp1.1)) (&& (== net45) (< portable-net45+win8+wpa81)) (== netstandard2.0)
    System.Runtime.Numerics (4.3) - restriction: == netstandard2.0
      System.Globalization (>= 4.3) - restriction: || (&& (== net45) (< portable-net45+win8+wpa81)) (== netstandard2.0)
      System.Resources.ResourceManager (>= 4.3) - restriction: || (&& (== net45) (< portable-net45+win8+wpa81)) (== netstandard2.0)
      System.Runtime (>= 4.3) - restriction: || (&& (== net45) (< portable-net45+win8+wpa81)) (== netstandard2.0)
      System.Runtime.Extensions (>= 4.3) - restriction: || (&& (== net45) (< portable-net45+win8+wpa81)) (== netstandard2.0)
    System.Security.Cryptography.Algorithms (4.3) - restriction: == netstandard2.0
      Microsoft.NETCore.Platforms (>= 1.1)
      runtime.native.System.Security.Cryptography.Apple (>= 4.3) - restriction: || (&& (== net45) (>= netstandard1.6)) (== netstandard2.0)
      runtime.native.System.Security.Cryptography.OpenSsl (>= 4.3) - restriction: || (&& (== net45) (>= netstandard1.6)) (== netstandard2.0)
      System.Collections (>= 4.3) - restriction: || (&& (== net45) (>= netstandard1.6)) (== netstandard2.0)
      System.IO (>= 4.3)
      System.Resources.ResourceManager (>= 4.3)
      System.Runtime (>= 4.3)
      System.Runtime.Extensions (>= 4.3)
      System.Runtime.Handles (>= 4.3)
      System.Runtime.InteropServices (>= 4.3)
      System.Runtime.Numerics (>= 4.3) - restriction: || (&& (== net45) (>= netstandard1.6)) (== netstandard2.0)
      System.Security.Cryptography.Encoding (>= 4.3)
      System.Security.Cryptography.Primitives (>= 4.3)
      System.Text.Encoding (>= 4.3)
    System.Security.Cryptography.Cng (4.4) - restriction: == netstandard2.0
    System.Security.Cryptography.Csp (4.3) - restriction: == netstandard2.0
      Microsoft.NETCore.Platforms (>= 1.1) - restriction: || (&& (== net45) (>= netstandard1.3)) (== netstandard2.0)
      System.IO (>= 4.3) - restriction: || (&& (== net45) (>= netstandard1.3)) (== netstandard2.0)
      System.Reflection (>= 4.3) - restriction: || (&& (== net45) (>= netstandard1.3)) (== netstandard2.0)
      System.Resources.ResourceManager (>= 4.3) - restriction: || (&& (== net45) (>= netstandard1.3)) (== netstandard2.0)
      System.Runtime (>= 4.3) - restriction: || (&& (== net45) (>= netstandard1.3)) (== netstandard2.0)
      System.Runtime.Extensions (>= 4.3) - restriction: || (&& (== net45) (>= netstandard1.3)) (== netstandard2.0)
      System.Runtime.Handles (>= 4.3) - restriction: || (&& (== net45) (>= netstandard1.3)) (== netstandard2.0)
      System.Runtime.InteropServices (>= 4.3) - restriction: || (&& (== net45) (>= netstandard1.3)) (== netstandard2.0)
      System.Security.Cryptography.Algorithms (>= 4.3) - restriction: || (&& (== net45) (>= net46)) (&& (== net45) (>= netstandard1.3)) (== netstandard2.0)
      System.Security.Cryptography.Encoding (>= 4.3) - restriction: || (&& (== net45) (>= netstandard1.3)) (== netstandard2.0)
      System.Security.Cryptography.Primitives (>= 4.3) - restriction: || (&& (== net45) (>= net46)) (&& (== net45) (>= netstandard1.3)) (== netstandard2.0)
      System.Text.Encoding (>= 4.3) - restriction: || (&& (== net45) (>= netstandard1.3)) (== netstandard2.0)
      System.Threading (>= 4.3) - restriction: || (&& (== net45) (>= netstandard1.3)) (== netstandard2.0)
    System.Security.Cryptography.Encoding (4.3) - restriction: == netstandard2.0
      Microsoft.NETCore.Platforms (>= 1.1) - restriction: || (&& (== net45) (>= netstandard1.3)) (== netstandard2.0)
      runtime.native.System.Security.Cryptography.OpenSsl (>= 4.3) - restriction: || (&& (== net45) (>= netstandard1.3)) (== netstandard2.0)
      System.Collections (>= 4.3) - restriction: || (&& (== net45) (>= netstandard1.3)) (== netstandard2.0)
      System.Collections.Concurrent (>= 4.3) - restriction: || (&& (== net45) (>= netstandard1.3)) (== netstandard2.0)
      System.Linq (>= 4.3) - restriction: || (&& (== net45) (>= netstandard1.3)) (== netstandard2.0)
      System.Resources.ResourceManager (>= 4.3) - restriction: || (&& (== net45) (>= netstandard1.3)) (== netstandard2.0)
      System.Runtime (>= 4.3) - restriction: || (&& (== net45) (>= netstandard1.3)) (== netstandard2.0)
      System.Runtime.Extensions (>= 4.3) - restriction: || (&& (== net45) (>= netstandard1.3)) (== netstandard2.0)
      System.Runtime.Handles (>= 4.3) - restriction: || (&& (== net45) (>= netstandard1.3)) (== netstandard2.0)
      System.Runtime.InteropServices (>= 4.3) - restriction: || (&& (== net45) (>= netstandard1.3)) (== netstandard2.0)
      System.Security.Cryptography.Primitives (>= 4.3) - restriction: || (&& (== net45) (>= netstandard1.3)) (== netstandard2.0)
      System.Text.Encoding (>= 4.3) - restriction: || (&& (== net45) (>= netstandard1.3)) (== netstandard2.0)
    System.Security.Cryptography.OpenSsl (4.4) - restriction: == netstandard2.0
    System.Security.Cryptography.Primitives (4.3) - restriction: == netstandard2.0
      System.Diagnostics.Debug (>= 4.3) - restriction: || (&& (== net45) (>= netstandard1.3)) (== netstandard2.0)
      System.Globalization (>= 4.3) - restriction: || (&& (== net45) (>= netstandard1.3)) (== netstandard2.0)
      System.IO (>= 4.3) - restriction: || (&& (== net45) (>= netstandard1.3)) (== netstandard2.0)
      System.Resources.ResourceManager (>= 4.3) - restriction: || (&& (== net45) (>= netstandard1.3)) (== netstandard2.0)
      System.Runtime (>= 4.3) - restriction: || (&& (== net45) (>= netstandard1.3)) (== netstandard2.0)
      System.Threading (>= 4.3) - restriction: || (&& (== net45) (>= netstandard1.3)) (== netstandard2.0)
      System.Threading.Tasks (>= 4.3) - restriction: || (&& (== net45) (>= netstandard1.3)) (== netstandard2.0)
    System.Security.Cryptography.X509Certificates (4.3.1) - restriction: == netstandard2.0
      Microsoft.NETCore.Platforms (>= 1.1)
      runtime.native.System (>= 4.3) - restriction: || (&& (== net45) (>= netstandard1.6)) (== netstandard2.0)
      runtime.native.System.Net.Http (>= 4.3) - restriction: || (&& (== net45) (>= netstandard1.6)) (== netstandard2.0)
      runtime.native.System.Security.Cryptography.OpenSsl (>= 4.3.2) - restriction: || (&& (== net45) (>= netstandard1.6)) (== netstandard2.0)
      System.Collections (>= 4.3)
      System.Diagnostics.Debug (>= 4.3) - restriction: || (&& (== net45) (>= netstandard1.6)) (== netstandard2.0)
      System.Globalization (>= 4.3)
      System.Globalization.Calendars (>= 4.3)
      System.IO (>= 4.3)
      System.IO.FileSystem (>= 4.3)
      System.IO.FileSystem.Primitives (>= 4.3) - restriction: || (&& (== net45) (>= netstandard1.6)) (== netstandard2.0)
      System.Resources.ResourceManager (>= 4.3)
      System.Runtime (>= 4.3)
      System.Runtime.Extensions (>= 4.3)
      System.Runtime.Handles (>= 4.3)
      System.Runtime.InteropServices (>= 4.3)
      System.Runtime.Numerics (>= 4.3)
      System.Security.Cryptography.Algorithms (>= 4.3)
      System.Security.Cryptography.Cng (>= 4.3)
      System.Security.Cryptography.Csp (>= 4.3) - restriction: || (&& (== net45) (>= netstandard1.6)) (== netstandard2.0)
      System.Security.Cryptography.Encoding (>= 4.3)
      System.Security.Cryptography.OpenSsl (>= 4.3) - restriction: || (&& (== net45) (>= netstandard1.6)) (== netstandard2.0)
      System.Security.Cryptography.Primitives (>= 4.3)
      System.Text.Encoding (>= 4.3)
      System.Threading (>= 4.3)
    System.Text.Encoding (4.3) - restriction: == netstandard2.0
      Microsoft.NETCore.Platforms (>= 1.1) - restriction: || (&& (== net45) (< portable-net45+win8+wp8+wpa81)) (== netstandard2.0)
      Microsoft.NETCore.Targets (>= 1.1) - restriction: || (&& (== net45) (< portable-net45+win8+wp8+wpa81)) (== netstandard2.0)
      System.Runtime (>= 4.3) - restriction: || (&& (== net45) (< portable-net45+win8+wp8+wpa81)) (== netstandard2.0)
    System.Text.RegularExpressions (4.3) - restriction: == netstandard2.0
      System.Collections (>= 4.3) - restriction: || (&& (== net45) (< portable-net45+win8+wp8+wpa81)) (== netstandard2.0)
      System.Globalization (>= 4.3) - restriction: || (&& (== net45) (< portable-net45+win8+wp8+wpa81)) (== netstandard2.0)
      System.Resources.ResourceManager (>= 4.3) - restriction: || (&& (== net45) (< portable-net45+win8+wp8+wpa81)) (== netstandard2.0)
      System.Runtime (>= 4.3) - restriction: || (&& (== net45) (>= netcoreapp1.1)) (&& (== net45) (< portable-net45+win8+wp8+wpa81)) (== netstandard2.0)
      System.Runtime.Extensions (>= 4.3) - restriction: || (&& (== net45) (< portable-net45+win8+wp8+wpa81)) (== netstandard2.0)
      System.Threading (>= 4.3) - restriction: || (&& (== net45) (< portable-net45+win8+wp8+wpa81)) (== netstandard2.0)
    System.Threading (4.3) - restriction: == netstandard2.0
      System.Runtime (>= 4.3) - restriction: || (&& (== net45) (< portable-net45+win8+wp8+wpa81)) (== netstandard2.0)
      System.Threading.Tasks (>= 4.3) - restriction: || (&& (== net45) (< portable-net45+win8+wp8+wpa81)) (== netstandard2.0)
    System.Threading.Tasks (4.3) - restriction: == netstandard2.0
      Microsoft.NETCore.Platforms (>= 1.1) - restriction: || (&& (== net45) (< portable-net45+win8+wp8+wpa81)) (== netstandard2.0)
      Microsoft.NETCore.Targets (>= 1.1) - restriction: || (&& (== net45) (< portable-net45+win8+wp8+wpa81)) (== netstandard2.0)
      System.Runtime (>= 4.3) - restriction: || (&& (== net45) (< portable-net45+win8+wp8+wpa81)) (== netstandard2.0)
    System.Threading.Tasks.Parallel (4.3) - restriction: == netstandard2.0
      System.Collections.Concurrent (>= 4.3) - restriction: || (&& (== net45) (< portable-net45+win8+wpa81)) (== netstandard2.0)
      System.Diagnostics.Debug (>= 4.3) - restriction: || (&& (== net45) (< portable-net45+win8+wpa81)) (== netstandard2.0)
      System.Diagnostics.Tracing (>= 4.3) - restriction: || (&& (== net45) (< portable-net45+win8+wpa81)) (== netstandard2.0)
      System.Resources.ResourceManager (>= 4.3) - restriction: || (&& (== net45) (< portable-net45+win8+wpa81)) (== netstandard2.0)
      System.Runtime (>= 4.3) - restriction: || (&& (== net45) (< portable-net45+win8+wpa81)) (== netstandard2.0)
      System.Runtime.Extensions (>= 4.3) - restriction: || (&& (== net45) (< portable-net45+win8+wpa81)) (== netstandard2.0)
      System.Threading (>= 4.3) - restriction: || (&& (== net45) (< portable-net45+win8+wpa81)) (== netstandard2.0)
      System.Threading.Tasks (>= 4.3) - restriction: || (&& (== net45) (< portable-net45+win8+wpa81)) (== netstandard2.0)
    System.Threading.Thread (4.3) - restriction: == netstandard2.0
      System.Runtime (>= 4.3) - restriction: || (&& (== net45) (>= netstandard1.3)) (== netstandard2.0)
    System.Threading.ThreadPool (4.3) - restriction: == netstandard2.0
      System.Runtime (>= 4.3) - restriction: || (&& (== net45) (>= netstandard1.3)) (== netstandard2.0)
      System.Runtime.Handles (>= 4.3) - restriction: || (&& (== net45) (>= netstandard1.3)) (== netstandard2.0)
    System.Threading.Timer (4.3) - restriction: == netstandard2.0
      Microsoft.NETCore.Platforms (>= 1.1)
      Microsoft.NETCore.Targets (>= 1.1)
      System.Runtime (>= 4.3)
GITHUB
  remote: fsharp/FAKE
    modules/Octokit/Octokit.fsx (0341a2e614eb2a7f34607cec914eb0ed83ce9add)
      Octokit (>= 0.20)
  remote: fsprojects/FSharp.TypeProviders.SDK
    src/ProvidedTypes.fs (565cb590627cac20013cfc31eb3476e6f09398cf)
    src/ProvidedTypes.fsi (565cb590627cac20013cfc31eb3476e6f09398cf)
    src/ProvidedTypesTesting.fs (565cb590627cac20013cfc31eb3476e6f09398cf)
GROUP Test
RESTRICTION: == net461
NUGET
  remote: https://www.nuget.org/api/v2
    Argu (5.1)
      FSharp.Core (>= 4.0.0.1)
    Expecto (7.0.1)
      Argu (>= 5.1)
      Mono.Cecil (>= 0.10)
    FAKE (4.63.2)
    FSharp.Core (4.3.4)
    Mono.Cecil (0.10)
    NuGet.CommandLine (4.3)
    SharpYaml (1.6.1)
    xunit.runner.console (2.3.1)
GITHUB
  remote: fsprojects/FSharp.TypeProviders.SDK
    fsc.props (565cb590627cac20013cfc31eb3476e6f09398cf)
      FAKE
      FSharp.Core (>= 4.2.3 < 4.3)
      Nuget.CommandLine
      xunit.runner.console